PATH
  remote: .
  specs:
    star_wars_vehicles (0.1.0)
      pry
      rake (~> 13.0)

GEM
  remote: https://rubygems.org/
  specs:
    coderay (1.1.3)
    method_source (1.0.0)
    pry (0.13.1)
      coderay (~> 1.1)
      method_source (~> 1.0)
    rake (13.0.3)

PLATFORMS
  x86_64-linux

DEPENDENCIES
  pry
  rake (~> 13.0)
  star_wars_vehicles!

BUNDLED WITH
   2.2.4
